GIT
  remote: https://github.com/globalize/globalize
  revision: 3fe2f93ab2d0f5d9c2b84e085f627cf469db72a1
  specs:
    globalize (5.2.0)
      activemodel (>= 4.2, < 5.3)
      activerecord (>= 4.2, < 5.3)
      request_store (~> 1.0)

GEM
  remote: https://rubygems.org/
  specs:
    actioncable (5.2.2)
      actionpack (= 5.2.2)
      nio4r (~> 2.0)
      websocket-driver (>= 0.6.1)
    actionmailer (5.2.2)
      actionpack (= 5.2.2)
      actionview (= 5.2.2)
      activejob (= 5.2.2)
      mail (~> 2.5, >= 2.5.4)
      rails-dom-testing (~> 2.0)
    actionpack (5.2.2)
      actionview (= 5.2.2)
      activesupport (= 5.2.2)
      rack (~> 2.0)
      rack-test (>= 0.6.3)
      rails-dom-testing (~> 2.0)
      rails-html-sanitizer (~> 1.0, >= 1.0.2)
    actionview (5.2.2)
      activesupport (= 5.2.2)
      builder (~> 3.1)
      erubi (~> 1.4)
      rails-dom-testing (~> 2.0)
      rails-html-sanitizer (~> 1.0, >= 1.0.3)
    activejob (5.2.2)
      activesupport (= 5.2.2)
      globalid (>= 0.3.6)
    activemodel (5.2.2)
      activesupport (= 5.2.2)
    activemodel-serializers-xml (1.0.2)
      activemodel (> 5.x)
      activesupport (> 5.x)
      builder (~> 3.1)
    activerecord (5.2.2)
      activemodel (= 5.2.2)
      activesupport (= 5.2.2)
      arel (>= 9.0)
    activestorage (5.2.2)
      actionpack (= 5.2.2)
      activerecord (= 5.2.2)
      marcel (~> 0.3.1)
    activesupport (5.2.2)
      concurrent-ruby (~> 1.0, >= 1.0.2)
      i18n (>= 0.7, < 2)
      minitest (~> 5.1)
      tzinfo (~> 1.1)
    addressable (2.5.2)
      public_suffix (>= 2.0.2, < 4.0)
    arel (9.0.0)
    authlogic (4.4.2)
      activerecord (>= 4.2, < 5.3)
      activesupport (>= 4.2, < 5.3)
      request_store (~> 1.0)
      scrypt (>= 1.2, < 4.0)
    bcrypt (3.1.12)
    bindex (0.5.0)
    bootstrap-sass (3.2.0.2)
      sass (~> 3.2)
    builder (3.2.3)
    bullet (5.9.0)
      activesupport (>= 3.0.0)
      uniform_notifier (~> 1.11)
    cancancan (2.3.0)
    capybara (3.12.0)
      addressable
      mini_mime (>= 0.1.3)
      nokogiri (~> 1.8)
      rack (>= 1.6.0)
      rack-test (>= 0.6.3)
      regexp_parser (~> 1.2)
      xpath (~> 3.2)
    chronic (0.10.2)
    coderay (1.1.2)
    concurrent-ruby (1.1.4)
    connection_pool (2.2.2)
    coveralls (0.8.22)
      json (>= 1.8, < 3)
      simplecov (~> 0.16.1)
      term-ansicolor (~> 1.3)
      thor (~> 0.19.4)
      tins (~> 1.6)
    crass (1.0.4)
    d3-rails (5.7.0)
      railties (>= 3.1)
    database_cleaner (1.7.0)
    diff-lcs (1.3)
    docile (1.3.1)
    domain_name (0.5.20180417)
      unf (>= 0.0.5, < 1.0.0)
    erubi (1.8.0)
    ethon (0.11.0)
      ffi (>= 1.3.0)
    execjs (2.7.0)
    factory_bot (4.11.1)
      activesupport (>= 3.0.0)
    factory_bot_rails (4.11.1)
      factory_bot (~> 4.11.1)
      railties (>= 3.0.0)
    faker (1.9.1)
      i18n (>= 0.7)
    faraday (0.15.4)
      multipart-post (>= 1.2, < 3)
    faraday_middleware (0.12.2)
      faraday (>= 0.7.4, < 1.0)
    faraday_middleware-multi_json (0.0.6)
      faraday_middleware
      multi_json
    ffi (1.9.25)
    ffi (1.9.25-x64-mingw32)
    ffi (1.9.25-x86-mingw32)
    ffi-compiler (1.0.1)
      ffi (>= 1.0.0)
      rake
    formatador (0.2.5)
    globalid (0.4.1)
      activesupport (>= 4.2.0)
    guard (2.15.0)
      formatador (>= 0.2.4)
      listen (>= 2.7, < 4.0)
      lumberjack (>= 1.0.12, < 2.0)
      nenv (~> 0.1)
      notiffany (~> 0.0)
      pry (>= 0.9.12)
      shellany (~> 0.0)
      thor (>= 0.18.1)
    guard-compat (1.2.1)
    guard-rspec (4.7.3)
      guard (~> 2.1)
      guard-compat (~> 1.1)
      rspec (>= 2.99.0, < 4.0)
    highline (2.0.0)
    http-cookie (1.0.3)
      domain_name (~> 0.5)
    httpclient (2.8.3)
    i18n (1.2.0)
      concurrent-ruby (~> 1.0)
    jbuilder (2.8.0)
      activesupport (>= 4.2.0)
      multi_json (>= 1.2)
    jquery-rails (4.3.3)
      rails-dom-testing (>= 1, < 3)
      railties (>= 4.2.0)
      thor (>= 0.14, < 2.0)
    jquery-ui-rails (6.0.1)
      railties (>= 3.2.16)
    json (2.1.0)
    json-schema (2.8.1)
      addressable (>= 2.4)
    kaminari (1.1.1)
      activesupport (>= 4.1.0)
      kaminari-actionview (= 1.1.1)
      kaminari-activerecord (= 1.1.1)
      kaminari-core (= 1.1.1)
    kaminari-actionview (1.1.1)
      actionview
      kaminari-core (= 1.1.1)
    kaminari-activerecord (1.1.1)
      activerecord
      kaminari-core (= 1.1.1)
    kaminari-core (1.1.1)
    launchy (2.4.3)
      addressable (~> 2.3)
    lazyload-rails (0.3.1)
      nokogiri (~> 1.5)
    listen (3.1.5)
      rb-fsevent (~> 0.9, >= 0.9.4)
      rb-inotify (~> 0.9, >= 0.9.7)
      ruby_dep (~> 1.2)
    loofah (2.2.3)
      crass (~> 1.0.2)
      nokogiri (>= 1.5.9)
    lumberjack (1.0.13)
    mail (2.7.1)
      mini_mime (>= 0.1.1)
    marcel (0.3.3)
      mimemagic (~> 0.3.2)
    mechanize (2.7.6)
      domain_name (~> 0.5, >= 0.5.1)
      http-cookie (~> 1.0)
      mime-types (>= 1.17.2)
      net-http-digest_auth (~> 1.1, >= 1.1.1)
      net-http-persistent (>= 2.5.2)
      nokogiri (~> 1.6)
      ntlm-http (~> 0.1, >= 0.1.1)
      webrobots (>= 0.0.9, < 0.2)
    method_source (0.9.2)
    mime-types (3.2.2)
      mime-types-data (~> 3.2015)
    mime-types-data (3.2018.0812)
    mimemagic (0.3.3)
    mini_magick (4.9.2)
    mini_mime (1.0.1)
    mini_portile2 (2.4.0)
    minitest (5.11.3)
    moji (1.6)
    mojinizer (0.2.2)
      moji (~> 1.6)
    multi_json (1.13.1)
    multipart-post (2.0.0)
    mysql2 (0.5.2)
    mysql2 (0.5.2-x64-mingw32)
    mysql2 (0.5.2-x86-mingw32)
    nenv (0.3.0)
    neo4j (9.4.0)
      activemodel (>= 4.0)
      activesupport (>= 4.0)
      i18n (!= 1.3.0)
      neo4j-community (~> 2.0)
      neo4j-core (>= 9.0.0)
      orm_adapter (~> 0.5.0)
    neo4j-community (2.2.4.1)
    neo4j-core (9.0.0)
      activesupport (>= 4.0)
      faraday (>= 0.9.0)
      faraday_middleware (>= 0.10.0)
      faraday_middleware-multi_json
      httpclient
      json
      multi_json
      net_tcp_client (>= 2.0.1)
      typhoeus (>= 1.1.2)
    neo4j-rake_tasks (0.7.19)
      os
      rake
      ruby-progressbar
      rubyzip (>= 1.1.7)
    net-http-digest_auth (1.4.1)
    net-http-persistent (3.0.0)
      connection_pool (~> 2.2)
    net_tcp_client (2.0.1)
    nio4r (2.3.1)
    nokogiri (1.9.1)
      mini_portile2 (~> 2.4.0)
    nokogiri (1.9.1-x64-mingw32)
      mini_portile2 (~> 2.4.0)
    nokogiri (1.9.1-x86-mingw32)
      mini_portile2 (~> 2.4.0)
    notiffany (0.1.1)
      nenv (~> 0.1)
      shellany (~> 0.0)
    ntlm-http (0.1.1)
    options (2.3.2)
    orm_adapter (0.5.0)
    os (1.0.0)
    pr_geohash (1.0.0)
    progress_bar (1.3.0)
      highline (>= 1.6, < 3)
      options (~> 2.3.0)
    pry (0.12.2)
      coderay (~> 1.1.0)
      method_source (~> 0.9.0)
    public_suffix (3.0.3)
    puma (3.12.0)
    rack (2.0.6)
    rack-protection (2.0.5)
      rack
    rack-test (1.1.0)
      rack (>= 1.0, < 3)
    rails (5.2.2)
      actioncable (= 5.2.2)
      actionmailer (= 5.2.2)
      actionpack (= 5.2.2)
      actionview (= 5.2.2)
      activejob (= 5.2.2)
      activemodel (= 5.2.2)
      activerecord (= 5.2.2)
      activestorage (= 5.2.2)
      activesupport (= 5.2.2)
      bundler (>= 1.3.0)
      railties (= 5.2.2)
      sprockets-rails (>= 2.0.0)
    rails-controller-testing (1.0.4)
      actionpack (>= 5.0.1.x)
      actionview (>= 5.0.1.x)
      activesupport (>= 5.0.1.x)
    rails-dom-testing (2.0.3)
      activesupport (>= 4.2.0)
      nokogiri (>= 1.6)
    rails-html-sanitizer (1.0.4)
      loofah (~> 2.2, >= 2.2.2)
    rails-jquery-autocomplete (1.0.5)
      rails (>= 3.2)
    railties (5.2.2)
      actionpack (= 5.2.2)
      activesupport (= 5.2.2)
      method_source
      rake (>= 0.8.7)
      thor (>= 0.19.0, < 2.0)
    rake (12.3.2)
    rb-fsevent (0.10.3)
    rb-inotify (0.10.0)
      ffi (~> 1.0)
    redis (4.1.0)
    regexp_parser (1.3.0)
    request_store (1.4.1)
      rack (>= 1.4)
    rsolr (2.2.1)
      builder (>= 2.1.2)
      faraday (>= 0.9.0)
    rspec (3.8.0)
      rspec-core (~> 3.8.0)
      rspec-expectations (~> 3.8.0)
      rspec-mocks (~> 3.8.0)
    rspec-core (3.8.0)
      rspec-support (~> 3.8.0)
    rspec-expectations (3.8.2)
      diff-lcs (>= 1.2.0, < 2.0)
      rspec-support (~> 3.8.0)
    rspec-mocks (3.8.0)
      diff-lcs (>= 1.2.0, < 2.0)
      rspec-support (~> 3.8.0)
    rspec-rails (3.8.1)
      actionpack (>= 3.0)
      activesupport (>= 3.0)
      railties (>= 3.0)
      rspec-core (~> 3.8.0)
      rspec-expectations (~> 3.8.0)
      rspec-mocks (~> 3.8.0)
      rspec-support (~> 3.8.0)
    rspec-support (3.8.0)
    ruby-progressbar (1.10.0)
    ruby_dep (1.5.0)
    rubyzip (1.2.2)
    sass (3.7.2)
      sass-listen (~> 4.0.0)
    sass-listen (4.0.0)
      rb-fsevent (~> 0.9, >= 0.9.4)
      rb-inotify (~> 0.9, >= 0.9.7)
    sass-rails (5.0.7)
      railties (>= 4.0.0, < 6)
      sass (~> 3.1)
      sprockets (>= 2.8, < 4.0)
      sprockets-rails (>= 2.0, < 4.0)
      tilt (>= 1.1, < 3)
    scrypt (3.0.6)
      ffi-compiler (>= 1.0, < 2.0)
    shellany (0.0.1)
    sidekiq (5.2.3)
      connection_pool (~> 2.2, >= 2.2.2)
      rack-protection (>= 1.5.0)
      redis (>= 3.3.5, < 5)
    simplecov (0.16.1)
      docile (~> 1.1)
      json (>= 1.8, < 3)
      simplecov-html (~> 0.10.0)
    simplecov-html (0.10.2)
    sprockets (3.7.2)
      concurrent-ruby (~> 1.0)
      rack (> 1, < 3)
    sprockets-rails (3.2.1)
      actionpack (>= 4.0)
      activesupport (>= 4.0)
      sprockets (>= 3.0.0)
    sunspot (2.3.0)
      pr_geohash (~> 1.0)
      rsolr (>= 1.1.1, < 3)
    sunspot_rails (2.3.0)
      rails (>= 3)
      sunspot (= 2.3.0)
    sunspot_solr (2.3.0)
    sunspot_test (0.4.1)
      sunspot_rails (>= 2.1.1)
      sunspot_solr
    term-ansicolor (1.7.0)
      tins (~> 1.0)
    thor (0.19.4)
    thread_safe (0.3.6)
    tilt (2.0.9)
    tins (1.20.2)
    truncate_html (0.9.3)
    turbolinks (5.2.0)
      turbolinks-source (~> 5.2)
    turbolinks-source (5.2.0)
    typhoeus (1.3.1)
      ethon (>= 0.9.0)
    tzinfo (1.2.5)
      thread_safe (~> 0.1)
    tzinfo-data (1.2018.7)
      tzinfo (>= 1.0.0)
    uglifier (4.1.20)
      execjs (>= 0.3.0, < 3)
    unf (0.1.4)
      unf_ext
    unf_ext (0.0.7.5)
    unf_ext (0.0.7.5-x64-mingw32)
    unf_ext (0.0.7.5-x86-mingw32)
    uniform_notifier (1.12.1)
    web-console (3.7.0)
      actionview (>= 5.0)
      activemodel (>= 5.0)
      bindex (>= 0.4.0)
      railties (>= 5.0)
    webrobots (0.1.2)
    websocket-driver (0.7.0)
      websocket-extensions (>= 0.1.0)
    websocket-extensions (0.1.3)
    whenever (0.10.0)
      chronic (>= 0.6.3)
    xpath (3.2.0)
      nokogiri (~> 1.8)
    yaml_db (0.7.0)
      rails (>= 3.0)
      rake (>= 0.8.7)

PLATFORMS
  ruby
  x64-mingw32
  x86-mingw32
  x86_64-linux

DEPENDENCIES
  activemodel-serializers-xml
  authlogic
  bcrypt (~> 3.1.7)
  bootstrap-sass (~> 3.2.0.2)
  bullet
  cancancan
  capybara
  coveralls
  d3-rails
  database_cleaner
  factory_bot_rails
  faker
  globalize!
  guard-rspec
  jbuilder
  jquery-rails
  jquery-ui-rails
  json-schema
  kaminari
  launchy
  lazyload-rails
  mechanize
  mini_magick
  mojinizer
  mysql2
  neo4j
  neo4j-rake_tasks
  nokogiri
  progress_bar
  puma
  rails (>= 5.2.2)
  rails-controller-testing
  rails-jquery-autocomplete
  rspec-rails
  sass-rails (>= 3.2)
  scrypt
  sidekiq
  simplecov
  sunspot_rails
  sunspot_solr
  sunspot_test
  truncate_html
  turbolinks
  tzinfo-data
  uglifier (>= 1.0.3)
  web-console (>= 3.3.0)
  whenever
  yaml_db

RUBY VERSION
   ruby 2.3.3p222

BUNDLED WITH
   1.16.4
