GIT
  remote: git://github.com/betam4x/sunspot.git
  revision: c24835f07179c9b04c35ff36e5c18966ea8e8619
  specs:
    sunspot (2.1.1)
      pr_geohash (~> 1.0)
      rsolr (~> 1.0.7)
    sunspot_rails (2.1.1)
      nokogiri
      rails (>= 3)
      sunspot (= 2.1.1)
    sunspot_solr (2.1.1)

GEM
  remote: https://rubygems.org/
  specs:
    actionmailer (4.0.0)
      actionpack (= 4.0.0)
      mail (~> 2.5.3)
    actionpack (4.0.0)
      activesupport (= 4.0.0)
      builder (~> 3.1.0)
      erubis (~> 2.7.0)
      rack (~> 1.5.2)
      rack-test (~> 0.6.2)
    activemodel (4.0.0)
      activesupport (= 4.0.0)
      builder (~> 3.1.0)
    activerecord (4.0.0)
      activemodel (= 4.0.0)
      activerecord-deprecated_finders (~> 1.0.2)
      activesupport (= 4.0.0)
      arel (~> 4.0.0)
    activerecord-deprecated_finders (1.0.3)
    activesupport (4.0.0)
      i18n (~> 0.6, >= 0.6.4)
      minitest (~> 4.2)
      multi_json (~> 1.3)
      thread_safe (~> 0.1)
      tzinfo (~> 0.3.37)
    addressable (2.3.6)
    arel (4.0.2)
    authlogic (3.3.0)
      activerecord (>= 3.2)
      activesupport (>= 3.2)
    bcrypt (3.1.9-java)
    bcrypt (3.1.9-x86-mingw32)
    bootstrap-sass (3.2.0.2)
      sass (~> 3.2)
    builder (3.1.4)
    cancan (1.6.10)
    capybara (2.4.4)
      mime-types (>= 1.16)
      nokogiri (>= 1.3.3)
      rack (>= 1.0.0)
      rack-test (>= 0.5.4)
      xpath (~> 2.0)
    celluloid (0.15.2)
      timers (~> 1.1.0)
    chronic (0.10.2)
    coderay (1.1.0)
    connection_pool (2.1.0)
    diff-lcs (1.2.5)
    domain_name (0.5.23)
      unf (>= 0.0.5, < 1.0.0)
    erubis (2.7.0)
    execjs (1.4.0)
      multi_json (~> 1.0)
    factory_girl (4.4.0)
      activesupport (>= 3.0.0)
    factory_girl_rails (4.4.1)
      factory_girl (~> 4.4.0)
      railties (>= 3.0.0)
    faker (1.4.3)
      i18n (~> 0.5)
    ffi (1.9.3-java)
    ffi (1.9.3-x86-mingw32)
    ffi-compiler (0.1.3)
      ffi (>= 1.0.0)
      rake
    formatador (0.2.5)
    guard (2.6.1)
      formatador (>= 0.2.4)
      listen (~> 2.7)
      lumberjack (~> 1.0)
      pry (>= 0.9.12)
      thor (>= 0.18.1)
    guard-rspec (4.3.1)
      guard (~> 2.1)
      rspec (>= 2.14, < 4.0)
    hike (1.2.3)
    http-cookie (1.0.2)
      domain_name (~> 0.5)
    i18n (0.7.0)
    jquery-rails (3.1.2)
      railties (>= 3.0, < 5.0)
      thor (>= 0.14, < 2.0)
    jquery-ui-rails (5.0.3)
      railties (>= 3.2.16)
    json (1.8.1)
    json (1.8.1-java)
    kaminari (0.16.1)
      actionpack (>= 3.0.0)
      activesupport (>= 3.0.0)
    launchy (2.4.2)
      addressable (~> 2.3)
    launchy (2.4.2-java)
      addressable (~> 2.3)
      spoon (~> 0.0.1)
    lazyload-rails (0.3.1)
      nokogiri (~> 1.5)
    listen (2.7.11)
      celluloid (>= 0.15.2)
      rb-fsevent (>= 0.9.3)
      rb-inotify (>= 0.9)
    lumberjack (1.0.9)
    mail (2.5.4)
      mime-types (~> 1.16)
      treetop (~> 1.4.8)
    mechanize (2.7.2)
      domain_name (~> 0.5, >= 0.5.1)
      http-cookie (~> 1.0.0)
      mime-types (~> 1.17, >= 1.17.2)
      net-http-digest_auth (~> 1.1, >= 1.1.1)
      net-http-persistent (~> 2.5, >= 2.5.2)
      nokogiri (~> 1.4)
      ntlm-http (~> 0.1, >= 0.1.1)
      webrobots (>= 0.0.9, < 0.2)
    method_source (0.8.2)
    mime-types (1.25.1)
    mini_magick (3.5.0)
      subexec (~> 0.2.1)
    mini_portile (0.6.2)
    minitest (4.7.5)
    multi_json (1.10.1)
    mysql2 (0.3.15)
    net-http-digest_auth (1.4)
    net-http-persistent (2.9.4)
    nokogiri (1.6.6.2-java)
    nokogiri (1.6.6.2-x86-mingw32)
      mini_portile (~> 0.6.0)
    ntlm-http (0.1.1)
    polyglot (0.3.5)
    pr_geohash (1.0.0)
    protected_attributes (1.0.3)
      activemodel (>= 4.0.0, < 5.0)
    pry (0.10.1-java)
      coderay (~> 1.1.0)
      method_source (~> 0.8.1)
      slop (~> 3.4)
      spoon (~> 0.0)
    pry (0.10.1-x86-mingw32)
      coderay (~> 1.1.0)
      method_source (~> 0.8.1)
      slop (~> 3.4)
      win32console (~> 1.3)
    puma (2.6.0)
      rack (>= 1.1, < 2.0)
    puma (2.6.0-java)
      rack (>= 1.1, < 2.0)
    rack (1.5.2)
    rack-test (0.6.3)
      rack (>= 1.0)
    rails (4.0.0)
      actionmailer (= 4.0.0)
      actionpack (= 4.0.0)
      activerecord (= 4.0.0)
      activesupport (= 4.0.0)
      bundler (>= 1.3.0, < 2.0)
      railties (= 4.0.0)
      sprockets-rails (~> 2.0.0)
    rails3-jquery-autocomplete (1.0.14)
      rails (>= 3.0)
    railties (4.0.0)
      actionpack (= 4.0.0)
      activesupport (= 4.0.0)
      rake (>= 0.8.7)
      thor (>= 0.18.1, < 2.0)
    rake (10.4.2)
    rb-fsevent (0.9.4)
    rb-inotify (0.9.5)
      ffi (>= 0.5.0)
    redis (3.2.0)
    redis-namespace (1.5.1)
      redis (~> 3.0, >= 3.0.4)
    rsolr (1.0.10)
      builder (>= 2.1.2)
    rspec (3.1.0)
      rspec-core (~> 3.1.0)
      rspec-expectations (~> 3.1.0)
      rspec-mocks (~> 3.1.0)
    rspec-core (3.1.7)
      rspec-support (~> 3.1.0)
    rspec-expectations (3.1.2)
      diff-lcs (>= 1.2.0, < 2.0)
      rspec-support (~> 3.1.0)
    rspec-mocks (3.1.3)
      rspec-support (~> 3.1.0)
    rspec-rails (3.1.0)
      actionpack (>= 3.0)
      activesupport (>= 3.0)
      railties (>= 3.0)
      rspec-core (~> 3.1.0)
      rspec-expectations (~> 3.1.0)
      rspec-mocks (~> 3.1.0)
      rspec-support (~> 3.1.0)
    rspec-support (3.1.2)
    sass (3.4.9)
    sass-rails (5.0.1)
      railties (>= 4.0.0, < 5.0)
      sass (~> 3.1)
      sprockets (>= 2.8, < 4.0)
      sprockets-rails (>= 2.0, < 4.0)
      tilt (~> 1.1)
    scrypt (1.2.1)
      ffi-compiler (>= 0.0.2)
      rake
    sidekiq (2.16.1)
      celluloid (>= 0.15.2)
      connection_pool (>= 1.0.0)
      json
      redis (>= 3.0.4)
      redis-namespace (>= 1.3.1)
    slop (3.6.0)
    spoon (0.0.4)
      ffi
    sprockets (2.12.3)
      hike (~> 1.2)
      multi_json (~> 1.0)
      rack (~> 1.0)
      tilt (~> 1.1, != 1.3.0)
    sprockets-rails (2.0.1)
      actionpack (>= 3.0)
      activesupport (>= 3.0)
      sprockets (~> 2.8)
    subexec (0.2.3)
    sunspot_test (0.4.0)
      sunspot_rails (>= 1.2.1)
    thor (0.19.1)
    thread_safe (0.3.4)
    thread_safe (0.3.4-java)
    tilt (1.4.1)
    timers (1.1.0)
    treetop (1.4.15)
      polyglot
      polyglot (>= 0.3.1)
    truncate_html (0.9.3)
    tzinfo (0.3.42)
    uglifier (2.1.2)
      execjs (>= 0.3.0)
      multi_json (~> 1.0, >= 1.0.2)
    unf (0.1.4)
      unf_ext
    unf (0.1.4-java)
    unf_ext (0.0.6)
    unf_ext (0.0.6-x86-mingw32)
    webrobots (0.1.1)
    whenever (0.9.4)
      chronic (>= 0.6.3)
    win32console (1.3.2)
    win32console (1.3.2-x86-mingw32)
    xpath (2.0.0)
      nokogiri (~> 1.3)
    yaml_db (0.2.3)

PLATFORMS
  java
  x86-mingw32

DEPENDENCIES
  authlogic
  bcrypt (~> 3.1.7)
  bootstrap-sass (~> 3.2.0.2)
  cancan
  capybara
  factory_girl_rails
  faker
  guard-rspec
  jquery-rails
  jquery-ui-rails
  kaminari
  launchy
  lazyload-rails
  mechanize
  mini_magick (= 3.5.0)
  mysql2 (= 0.3.15)
  nokogiri
  protected_attributes
  puma (= 2.6.0)
  rails (= 4.0)
  rails3-jquery-autocomplete
  rspec-rails
  sass-rails (>= 3.2)
  scrypt (= 1.2.1)
  sidekiq (= 2.16.1)
  sunspot_rails!
  sunspot_solr!
  sunspot_test
  truncate_html
  uglifier (>= 1.0.3)
  whenever
  yaml_db
